GEM
  remote: https://rubygems.org/
  specs:
    haml (4.0.5)
      tilt
    hashie (2.0.5)
    json_pure (1.8.1)
    rack (1.5.2)
    rack-protection (1.5.2)
      rack
    sass (3.2.13)
    sinatra (1.4.4)
      rack (~> 1.4)
      rack-protection (~> 1.4)
      tilt (~> 1.3, >= 1.3.4)
    tilt (1.4.1)
    tropo-webapi-ruby (0.1.11)
      hashie (>= 0.2.0)
      json_pure (>= 1.2.0)

PLATFORMS
  ruby

DEPENDENCIES
  haml
  sass
  sinatra
  tropo-webapi-ruby
